GEM
  remote: https://rubygems.org/
  specs:
    ruby-poker (1.0.1)

PLATFORMS
  ruby

DEPENDENCIES
  ruby-poker

BUNDLED WITH
   1.16.1
